PATH
  remote: .
  specs:
    librevox (0.10)
      em-synchrony (= 1.0.3)

GEM
  remote: https://rubygems.org/
  specs:
    bacon (1.2.0)
    em-synchrony (1.0.3)
      eventmachine (>= 1.0.0.beta.1)
    eventmachine (1.2.7)
    rake (13.0.6)
    rr (1.2.1)

PLATFORMS
  x86_64-darwin-20

DEPENDENCIES
  bacon (~> 1.1)
  librevox!
  rake
  rr (~> 1.0)

BUNDLED WITH
   2.2.29
